GEM
  remote: http://rubygems.org/
  specs:
    ZenTest (4.7.0)
    activerecord (3.2.14)
    activesupport (3.2.3)
      i18n (~> 0.6)
      multi_json (~> 1.0)
    autotest-growl (0.2.16)
    concurrent-ruby (1.1.8)
    i18n (0.9.5)
      concurrent-ruby (~> 1.0)
    minitest (2.12.1)
    multi_json (1.15.0)
    rake (0.9.2.2)
    sqlite3 (1.3.6)

PLATFORMS
  ruby

DEPENDENCIES
  ZenTest
  activerecord (~> 3.2)
  activerecord-jdbcsqlite3-adapter
  activesupport (~> 3.2)
  autotest-growl
  minitest
  rake
  sqlite3
