GEM
  remote: http://rubygems.org/
  specs:
    ZenTest (4.7.0)
    activemodel (3.2.3)
      activesupport (= 3.2.3)
      builder (~> 3.0.0)
    activerecord (3.2.3)
      activemodel (= 3.2.3)
      activesupport (= 3.2.3)
      arel (~> 3.0.2)
      tzinfo (~> 0.3.29)
    activesupport (3.2.3)
      i18n (~> 0.6)
      multi_json (~> 1.0)
    arel (3.0.2)
    autotest-growl (0.2.16)
    builder (3.0.0)
    i18n (0.6.0)
    minitest (2.12.1)
    multi_json (1.3.4)
    rake (12.3.3)
    sqlite3 (1.3.6)
    tzinfo (0.3.33)

PLATFORMS
  ruby

DEPENDENCIES
  ZenTest
  activerecord (~> 3.2)
  activerecord-jdbcsqlite3-adapter
  activesupport (~> 3.2)
  autotest-growl
  minitest
  rake
  sqlite3
